GEM
  specs:
    thor (0.14.6)

PLATFORMS
  java

DEPENDENCIES
  thor
