PATH
  remote: .
  specs:
    clearcase_helper (0.4.8)
      thor

GEM
  specs:
    thor (0.17.0)

PLATFORMS
  java
  ruby

DEPENDENCIES
  clearcase_helper!
