PATH
  remote: .
  specs:
    clearcase_helper (0.0.3)
      thor

GEM
  specs:
    thor (0.14.6)

PLATFORMS
  java

DEPENDENCIES
  clearcase_helper!
